GEM
  specs:
    debase (0.2.2)
      debase-ruby_core_source (>= 0.10.2)
    debase-ruby_core_source (0.10.3)
    rake (12.3.1)
    ruby-debug-ide (0.6.1)
      rake (>= 0.8.1)

PLATFORMS
  ruby

DEPENDENCIES
  debase
  ruby-debug-ide

BUNDLED WITH
   1.16.2
